RESTRICTION: == net461
NUGET
  remote: https://www.nuget.org/api/v2
    FSharp.Core (4.2.3)
    Microsoft.Azure.KeyVault.Core (2.0.4)
    Microsoft.Data.Edm (5.8.2)
    Microsoft.Data.OData (5.8.2)
      Microsoft.Data.Edm (5.8.2)
      System.Spatial (5.8.2)
    Microsoft.Data.Services.Client (5.8.2)
      Microsoft.Data.OData (5.8.2)
      System.ComponentModel.EventBasedAsync (>= 4.0.11)
      System.Dynamic.Runtime (>= 4.0)
      System.Linq.Queryable (>= 4.0)
      System.Net.Requests (>= 4.0.11)
    Newtonsoft.Json (10.0.3)
    System.ComponentModel.EventBasedAsync (4.3)
    System.Dynamic.Runtime (4.3)
    System.Linq.Queryable (4.3)
    System.Net.Requests (4.3)
    System.Spatial (5.8.2)
    WindowsAzure.Storage (8.3)
      Microsoft.Azure.KeyVault.Core (>= 1.0)
      Microsoft.Data.OData (>= 5.8.2)
      Microsoft.Data.Services.Client (>= 5.8.2)
      Newtonsoft.Json (>= 6.0.8)
